PATH
  remote: .
  specs:
    monobank (0.2.2)
      httparty (~> 0.17.3)

GEM
  remote: https://rubygems.org/
  specs:
    httparty (0.17.3)
      mime-types (~> 3.0)
      multi_xml (>= 0.5.2)
    mime-types (3.3.1)
      mime-types-data (~> 3.2015)
    mime-types-data (3.2019.1009)
    multi_xml (0.6.0)
    rake (13.0.1)

PLATFORMS
  ruby

DEPENDENCIES
  monobank!
  rake (~> 13.0, >= 13.0.0)

BUNDLED WITH
   1.17.3
